PATH
  remote: .
  specs:
    yap-shell-addon-keyboard-macros (0.1.0)
      yap-shell (~> 0.6)

GEM
  remote: https://rubygems.org/
  specs:
    byebug (8.2.5)
    chronic (0.10.2)
    coderay (1.1.1)
    diff-lcs (1.2.5)
    highline (1.7.8)
    method_source (0.8.2)
    pry (0.10.3)
      coderay (~> 1.1.0)
      method_source (~> 0.8.1)
      slop (~> 3.4)
    pry-byebug (3.3.0)
      byebug (~> 8.0)
      pry (~> 0.10)
    rake (11.2.2)
    rspec (3.4.0)
      rspec-core (~> 3.4.0)
      rspec-expectations (~> 3.4.0)
      rspec-mocks (~> 3.4.0)
    rspec-core (3.4.4)
      rspec-support (~> 3.4.0)
    rspec-expectations (3.4.0)
      diff-lcs (>= 1.2.0, < 2.0)
      rspec-support (~> 3.4.0)
    rspec-mocks (3.4.1)
      diff-lcs (>= 1.2.0, < 2.0)
      rspec-support (~> 3.4.0)
    rspec-support (3.4.1)
    ruby-terminfo (0.1.1)
    ruby-termios (0.9.6)
    slop (3.6.0)
    term-ansicolor (1.3.2)
      tins (~> 1.0)
    terminal-layout (0.4.0)
      highline (~> 1.7, >= 1.7.8)
      ruby-terminfo (~> 0.1.1)
      ruby-termios (~> 0.9.6)
      treefell (~> 0.2.3)
    tins (1.10.2)
    treefell (0.2.3)
      term-ansicolor (~> 1.3)
    yap-rawline (0.5.0)
      highline (~> 1.7, >= 1.7.2)
      term-ansicolor (~> 1.3.0)
      terminal-layout (~> 0.4.0)
      treefell (~> 0.2.3)
    yap-shell (0.6.0)
      chronic (~> 0.10.2)
      pry-byebug (~> 3.3.0)
      ruby-terminfo (~> 0.1.1)
      ruby-termios (~> 0.9.6)
      term-ansicolor (~> 1.3)
      treefell (~> 0.2.3)
      yap-rawline (~> 0.5.0)
      yap-shell-parser (~> 0.7.0)
    yap-shell-parser (0.7.0)
      term-ansicolor (~> 1.3.0)
      treefell (~> 0.2.3)

PLATFORMS
  ruby

DEPENDENCIES
  bundler (~> 1.12)
  rake (~> 11.2)
  rspec (~> 3.4)
  yap-shell-addon-keyboard-macros!

BUNDLED WITH
   1.12.5
